GEM
  remote: http://rubygems.org/
  specs:
    bson (1.8.2)
    bson_ext (1.8.2)
      bson (~> 1.8.2)
    capistrano (2.14.2)
      highline
      net-scp (>= 1.0.0)
      net-sftp (>= 2.0.0)
      net-ssh (>= 2.0.14)
      net-ssh-gateway (>= 1.1.0)
    dalli (2.6.2)
    highline (1.6.15)
    json (1.7.6)
    mime-types (1.19)
    mongo (1.8.2)
      bson (~> 1.8.2)
    mustache (0.99.4)
    net-scp (1.1.0)
      net-ssh (>= 2.6.5)
    net-sftp (2.1.1)
      net-ssh (>= 2.6.5)
    net-ssh (2.6.5)
    net-ssh-gateway (1.2.0)
      net-ssh (>= 2.6.5)
    rack (1.4.4)
    rack-protection (1.3.2)
      rack
    rest-client (1.6.7)
      mime-types (>= 1.16)
    shotgun (0.9)
      rack (>= 1.0)
    sinatra (1.3.3)
      rack (~> 1.3, >= 1.3.6)
      rack-protection (~> 1.2)
      tilt (~> 1.3, >= 1.3.3)
    sqlite3 (1.3.7)
    tilt (1.3.3)

PLATFORMS
  ruby

DEPENDENCIES
  bson_ext
  capistrano
  dalli
  json
  mongo
  mustache
  rest-client
  shotgun
  sinatra
  sqlite3
