GEM
  remote: http://rubygems.org/
  specs:
    bson (1.8.2)
    bson_ext (1.8.2)
      bson (~> 1.8.2)
    capistrano (2.14.2)
      highline
      net-scp (>= 1.0.0)
      net-sftp (>= 2.0.0)
      net-ssh (>= 2.0.14)
      net-ssh-gateway (>= 1.1.0)
    dalli (2.6.2)
    escape (0.0.4)
    highline (1.6.15)
    json (1.7.6)
    kgio (2.8.0)
    mime-types (1.19)
    mixpanel (3.5.2)
      escape
      json
      rack
    mongo (1.8.2)
      bson (~> 1.8.2)
    multi_json (1.6.1)
    mustache (0.99.4)
    net-scp (1.1.0)
      net-ssh (>= 2.6.5)
    net-sftp (2.1.1)
      net-ssh (>= 2.6.5)
    net-ssh (2.6.5)
    net-ssh-gateway (1.2.0)
      net-ssh (>= 2.6.5)
    rack (1.4.4)
    rack-protection (1.3.2)
      rack
    raindrops (0.10.0)
    rake (10.0.3)
    redis (3.0.2)
    redis-namespace (1.2.1)
      redis (~> 3.0.0)
    resque (1.21.0)
      multi_json (~> 1.0)
      redis-namespace (~> 1.0)
      sinatra (>= 0.9.2)
      vegas (~> 0.1.2)
    resque-cleaner (0.2.10)
      resque (~> 1.0)
    resque-history (1.9.5)
      rake
      resque
      resque-history
    rest-client (1.6.7)
      mime-types (>= 1.16)
    shotgun (0.9)
      rack (>= 1.0)
    sinatra (1.3.3)
      rack (~> 1.3, >= 1.3.6)
      rack-protection (~> 1.2)
      tilt (~> 1.3, >= 1.3.3)
    sqlite3 (1.3.7)
    tilt (1.3.3)
    unicorn (4.6.2)
      kgio (~> 2.6)
      rack
      raindrops (~> 0.7)
    vegas (0.1.11)
      rack (>= 1.0.0)

PLATFORMS
  ruby

DEPENDENCIES
  bson_ext
  capistrano
  dalli
  json
  mixpanel
  mongo
  mustache
  resque
  resque-cleaner
  resque-history
  rest-client
  shotgun
  sinatra
  sqlite3
  unicorn
